NUGET
  remote: https://api.nuget.org/v3/index.json
    Expecto (8.13.1)
      FSharp.Core (>= 4.3.4) - restriction: || (>= net461) (>= netstandard2.0)
      Mono.Cecil (>= 0.11) - restriction: || (>= net461) (>= netstandard2.0)
    Expecto.FsCheck (8.13.1)
      Expecto (>= 8.13.1) - restriction: || (>= net461) (>= netstandard2.0)
      FsCheck (>= 2.14) - restriction: || (>= net461) (>= netstandard2.0)
    FsCheck (2.14) - restriction: || (>= net461) (>= netstandard2.0)
      FSharp.Core (>= 4.2.3) - restriction: || (>= net452) (>= netstandard1.6)
    FSharp.Core (4.7)
    Mono.Cecil (0.11.1) - restriction: || (>= net461) (>= netstandard2.0)
